GEM
  remote: http://rubygems.org/
  specs:
    diff-lcs (1.1.3)
    kgio (2.6.0)
    rack (1.3.5)
    rack-test (0.6.1)
      rack (>= 1.0)
    raindrops (0.8.0)
    redis (2.2.2)
    rspec (2.7.0)
      rspec-core (~> 2.7.0)
      rspec-expectations (~> 2.7.0)
      rspec-mocks (~> 2.7.0)
    rspec-core (2.7.1)
    rspec-expectations (2.7.0)
      diff-lcs (~> 1.1.2)
    rspec-mocks (2.7.0)
    sqlite3 (1.3.4)
    unicorn (4.1.1)
      kgio (~> 2.4)
      rack
      raindrops (~> 0.6)

PLATFORMS
  ruby

DEPENDENCIES
  rack-test
  redis
  rspec
  sqlite3
  unicorn
