GIT
  remote: https://github.com/nzoschke/rack-streaming-proxy.git
  revision: fef0d36b67e55644c627bca7da2e0cb01dfaa705
  specs:
    rack-streaming-proxy (1.0.3)
      rack (>= 1.0)
      servolux (~> 0.8.1)

GEM
  remote: http://rubygems.org/
  specs:
    XMLCanonicalizer (1.0.1)
      log4r (>= 1.0.4)
    addressable (2.2.6)
    diff-lcs (1.1.3)
    eventmachine (0.12.10)
    fakeweb (1.3.0)
    faraday (0.7.5)
      addressable (~> 2.2.6)
      multipart-post (~> 1.1.3)
      rack (>= 1.1.0, < 2)
    kgio (2.6.0)
    log4r (1.1.9)
    macaddr (1.5.0)
      systemu (>= 2.4.0)
    mime-types (1.16)
    multi_json (1.0.4)
    multi_xml (0.4.1)
    multipart-post (1.1.4)
    net-ldap (0.2.2)
    nokogiri (1.5.0)
    oa-basic (0.3.2)
      oa-core (= 0.3.2)
      rest-client (~> 1.6.0)
    oa-core (0.3.2)
    oa-enterprise (0.3.2)
      XMLCanonicalizer (~> 1.0.1)
      addressable (~> 2.2.6)
      net-ldap (~> 0.2.2)
      nokogiri (~> 1.5.0)
      oa-core (= 0.3.2)
      pyu-ruby-sasl (~> 0.0.3.1)
      rubyntlm (~> 0.1.1)
      uuid
    oa-more (0.3.2)
      multi_json (~> 1.0.0)
      oa-core (= 0.3.2)
      rest-client (~> 1.6.0)
    oa-oauth (0.3.2)
      faraday (~> 0.7.3)
      multi_json (~> 1.0.0)
      multi_xml (~> 0.4.0)
      oa-core (= 0.3.2)
      oauth (~> 0.4.0)
      oauth2 (~> 0.5.0)
    oa-openid (0.3.2)
      oa-core (= 0.3.2)
      rack-openid (~> 1.3.1)
      ruby-openid-apps-discovery (~> 1.2.0)
    oauth (0.4.5)
    oauth2 (0.5.1)
      faraday (~> 0.7.4)
      multi_json (~> 1.0.3)
    omniauth (0.3.2)
      oa-basic (= 0.3.2)
      oa-core (= 0.3.2)
      oa-enterprise (= 0.3.2)
      oa-more (= 0.3.2)
      oa-oauth (= 0.3.2)
      oa-openid (= 0.3.2)
    openid-redis-store (0.0.2)
      redis
      ruby-openid
    pg (0.11.0)
    pyu-ruby-sasl (0.0.3.3)
    rack (1.3.5)
    rack-openid (1.3.1)
      rack (>= 1.1.0)
      ruby-openid (>= 2.1.8)
    rack-protection (1.1.4)
      rack
    rack-test (0.6.1)
      rack (>= 1.0)
    raindrops (0.8.0)
    rake (0.9.2.2)
    redis (2.2.2)
    rest-client (1.6.7)
      mime-types (>= 1.16)
    rspec (2.7.0)
      rspec-core (~> 2.7.0)
      rspec-expectations (~> 2.7.0)
      rspec-mocks (~> 2.7.0)
    rspec-core (2.7.1)
    rspec-expectations (2.7.0)
      diff-lcs (~> 1.1.2)
    rspec-mocks (2.7.0)
    ruby-openid (2.1.8)
    ruby-openid-apps-discovery (1.2.0)
      ruby-openid (>= 2.1.7)
    ruby-redis (0.0.2)
      eventmachine
    rubyntlm (0.1.1)
    sequel (3.26.0)
    servolux (0.8.1)
    sinatra (1.3.1)
      rack (~> 1.3, >= 1.3.4)
      rack-protection (~> 1.1, >= 1.1.2)
      tilt (~> 1.3, >= 1.3.3)
    sqlite3 (1.3.4)
    systemu (2.4.2)
    tilt (1.3.3)
    unicorn (4.1.1)
      kgio (~> 2.4)
      rack
      raindrops (~> 0.6)
    uuid (2.3.4)
      macaddr (~> 1.0)

PLATFORMS
  ruby

DEPENDENCIES
  fakeweb
  omniauth (= 0.3.2)
  openid-redis-store (= 0.0.2)
  pg
  rack-streaming-proxy!
  rack-test
  rake
  redis
  rest-client
  rspec
  ruby-redis
  sequel
  sinatra
  sqlite3
  unicorn
